GEM
  remote: https://rubygems.org/
  specs:
    ffi (1.9.18-x86-mingw32)
    rb-fsevent (0.10.2)
    rb-inotify (0.9.10)
      ffi (>= 0.5.0, < 2)
    redcarpet (3.4.0)
    sass (3.5.5)
      sass-listen (~> 4.0.0)
    sass-listen (4.0.0)
      rb-fsevent (~> 0.9, >= 0.9.4)
      rb-inotify (~> 0.9, >= 0.9.7)

PLATFORMS
  x86-mingw32

DEPENDENCIES
  redcarpet
  sass

BUNDLED WITH
   1.16.1
